GEM
  remote: http://rubygems.org/
  specs:
    activesupport (3.2.13)
      i18n (= 0.6.1)
      multi_json (~> 1.0)
    awesome_print (1.1.0)
    blankslate (2.1.2.4)
    i18n (0.6.1)
    multi_json (1.7.2)
    parslet (1.5.0)
      blankslate (~> 2.0)
    thor (0.17.0)
    toml (0.0.3)
      parslet

PLATFORMS
  ruby

DEPENDENCIES
  activesupport (~> 3.2.13)
  awesome_print
  thor
  toml (~> 0.0.3)
